GEM
  remote: http://rubygems.org/
  specs:
    activemodel (3.1.4)
      activesupport (= 3.1.4)
      builder (~> 3.0.0)
      i18n (~> 0.6)
    activerecord (3.1.4)
      activemodel (= 3.1.4)
      activesupport (= 3.1.4)
      arel (~> 2.2.3)
      tzinfo (~> 0.3.29)
    activesupport (3.1.4)
      multi_json (~> 1.0)
    adhearsion (2.0.0)
      activesupport (>= 3.0.10)
      adhearsion-loquacious (>= 1.9.0)
      bundler (~> 1.0)
      celluloid (>= 0.10.0)
      countdownlatch
      deep_merge
      ffi (>= 1.0.11)
      future-resource (~> 1.0)
      girl_friday
      has-guarded-handlers (~> 1.1)
      logging (>= 1.6.1)
      pry
      punchblock (~> 1.0)
      rake
      ruby_speech (~> 1.0)
      thor
      uuid
    adhearsion-asterisk (1.2.0)
      activesupport (>= 3.0.10)
      adhearsion (~> 2.0)
    adhearsion-loquacious (1.9.2)
    arel (2.2.3)
    blather (0.7.1)
      activesupport (>= 3.0.7)
      eventmachine (>= 0.12.6)
      girl_friday
      niceogiri (~> 1.0)
      nokogiri (~> 1.4)
    builder (3.0.0)
    celluloid (0.10.0)
    coderay (1.0.6)
    connection_pool (0.1.0)
    countdownlatch (1.0.0)
    deep_merge (1.0.0)
    eventmachine (0.12.10)
    ffi (1.0.11)
    future-resource (1.0.0)
    girl_friday (0.9.7)
      connection_pool (~> 0.1.0)
    has-guarded-handlers (1.2.0)
      uuid
    i18n (0.6.0)
    little-plugger (1.1.3)
    logger (1.2.8)
    logging (1.7.2)
      little-plugger (>= 1.1.3)
    macaddr (1.6.0)
      systemu (~> 2.2.0)
    method_source (0.7.1)
    multi_json (1.3.4)
    niceogiri (1.0.1)
      nokogiri (~> 1.4)
    nokogiri (1.5.2)
    pry (0.9.9.6)
      coderay (~> 1.0.5)
      method_source (~> 0.7.1)
      slop (>= 2.4.4, < 3)
    punchblock (1.2.0)
      activesupport (~> 3.0)
      blather (>= 0.7.0)
      celluloid (>= 0.10.0)
      future-resource (~> 1.0)
      has-guarded-handlers (~> 1.0)
      niceogiri (~> 1.0)
      ruby_ami (~> 1.0)
      ruby_speech (~> 1.0)
      state_machine (~> 1.0)
    rake (0.9.2.2)
    ruby-mysql (2.9.7)
    ruby_ami (1.0.1)
      activesupport (~> 3.0)
      countdownlatch (~> 1.0)
      eventmachine
      future-resource
      girl_friday
      i18n
      uuidtools
    ruby_speech (1.0.0)
      activesupport (>= 3.0.7)
      niceogiri (~> 1.0)
    slop (2.4.4)
    state_machine (1.1.2)
    systemu (2.2.0)
    thor (0.15.2)
    tzinfo (0.3.33)
    uuid (2.3.5)
      macaddr (~> 1.0)
    uuidtools (2.1.2)

PLATFORMS
  ruby

DEPENDENCIES
  activerecord (~> 3.1.0)
  adhearsion (>= 2.0.0)
  adhearsion-asterisk
  logger (~> 1.2.8)
  ruby-mysql
